RESTRICTION: == netstandard2.0
NUGET
  remote: https://www.nuget.org/api/v2
    Messerli.TempDirectory (0.2)
